PATH
  remote: .
  specs:
    one_pager (0.0.1)
      gli (= 2.18.0)
      tilt (= 2.0.9)

GEM
  remote: https://rubygems.org/
  specs:
    aruba (0.14.8)
      childprocess (>= 0.6.3, < 1.1.0)
      contracts (~> 0.9)
      cucumber (>= 1.3.19)
      ffi (~> 1.9)
      rspec-expectations (>= 2.99)
      thor (~> 0.19)
    backports (3.11.4)
    builder (3.2.3)
    childprocess (1.0.1)
      rake (< 13.0)
    coderay (1.1.2)
    contracts (0.16.0)
    cucumber (3.1.2)
      builder (>= 2.1.2)
      cucumber-core (~> 3.2.0)
      cucumber-expressions (~> 6.0.1)
      cucumber-wire (~> 0.0.1)
      diff-lcs (~> 1.3)
      gherkin (~> 5.1.0)
      multi_json (>= 1.7.5, < 2.0)
      multi_test (>= 0.1.2)
    cucumber-core (3.2.1)
      backports (>= 3.8.0)
      cucumber-tag_expressions (~> 1.1.0)
      gherkin (~> 5.0)
    cucumber-expressions (6.0.1)
    cucumber-tag_expressions (1.1.1)
    cucumber-wire (0.0.1)
    diff-lcs (1.3)
    ffi (1.10.0)
    gherkin (5.1.0)
    gli (2.18.0)
    method_source (0.9.2)
    multi_json (1.13.1)
    multi_test (0.1.2)
    pry (0.12.2)
      coderay (~> 1.1.0)
      method_source (~> 0.9.0)
    rake (12.3.2)
    rdoc (6.1.1)
    rspec-expectations (3.8.2)
      diff-lcs (>= 1.2.0, < 2.0)
      rspec-support (~> 3.8.0)
    rspec-support (3.8.0)
    thor (0.20.3)
    tilt (2.0.9)

PLATFORMS
  ruby

DEPENDENCIES
  aruba
  one_pager!
  pry
  rake
  rdoc

BUNDLED WITH
   2.0.1
